GEM
  remote: https://rubygems.org/
  specs:
    better_errors (0.9.0)
      coderay (>= 1.0.0)
      erubis (>= 2.6.6)
    binding_of_caller (0.7.2)
      debug_inspector (>= 0.0.1)
    coderay (1.0.8)
    debug_inspector (0.0.2)
    erubis (2.7.0)
    gemoji (1.4.0)
    haml (3.1.7)
    kgio (2.8.0)
    nokogiri (1.5.6)
    rack (1.5.1)
    rack-protection (1.3.2)
      rack
    raindrops (0.10.0)
    redcarpet (2.2.2)
    sanitize (2.0.3)
      nokogiri (>= 1.4.4, < 1.6)
    sequel (3.43.0)
    sinatra (1.3.4)
      rack (~> 1.4)
      rack-protection (~> 1.3)
      tilt (~> 1.3, >= 1.3.3)
    sqlite3 (1.3.7)
    tilt (1.3.3)
    unicorn (4.6.0)
      kgio (~> 2.6)
      rack
      raindrops (~> 0.7)

PLATFORMS
  ruby

DEPENDENCIES
  better_errors
  binding_of_caller
  coderay
  gemoji
  haml
  nokogiri
  redcarpet
  sanitize
  sequel
  sinatra
  sqlite3
  unicorn
