GEM
  remote: http://rubygems.org/
  specs:
    coderay (1.0.8)
    haml (3.1.7)
    kgio (2.8.0)
    nokogiri (1.5.6)
    rack (1.5.1)
    rack-protection (1.3.2)
      rack
    raindrops (0.10.0)
    redcarpet (2.2.2)
    sequel (3.43.0)
    sinatra (1.3.4)
      rack (~> 1.4)
      rack-protection (~> 1.3)
      tilt (~> 1.3, >= 1.3.3)
    sqlite3 (1.3.7)
    tilt (1.3.3)
    unicorn (4.6.0)
      kgio (~> 2.6)
      rack
      raindrops (~> 0.7)

PLATFORMS
  ruby

DEPENDENCIES
  coderay
  haml
  nokogiri
  redcarpet
  sequel
  sinatra
  sqlite3
  unicorn
